PATH
  remote: .
  specs:
    money_mover (0.1.2)
      activemodel (>= 4.0)
      activesupport (>= 4.0)
      faraday (~> 0.9)
      faraday_middleware (~> 0.9)
      hashie (>= 3.5.7)
      rack (>= 1.6, < 2.1)

GEM
  remote: https://rubygems.org/
  specs:
    activemodel (5.1.6)
      activesupport (= 5.1.6)
    activesupport (5.1.6)
      concurrent-ruby (~> 1.0, >= 1.0.2)
      i18n (>= 0.7, < 2)
      minitest (~> 5.1)
      tzinfo (~> 1.1)
    addressable (2.5.2)
      public_suffix (>= 2.0.2, < 4.0)
    concurrent-ruby (1.0.5)
    crack (0.4.3)
      safe_yaml (~> 1.0.0)
    diff-lcs (1.3)
    faraday (0.15.2)
      multipart-post (>= 1.2, < 3)
    faraday_middleware (0.12.2)
      faraday (>= 0.7.4, < 1.0)
    hashdiff (0.3.7)
    hashie (3.5.7)
    i18n (1.0.1)
      concurrent-ruby (~> 1.0)
    minitest (5.11.3)
    multipart-post (2.0.0)
    public_suffix (3.0.2)
    rack (2.0.5)
    rack-test (0.8.3)
      rack (>= 1.0, < 3)
    rake (11.3.0)
    rspec (3.7.0)
      rspec-core (~> 3.7.0)
      rspec-expectations (~> 3.7.0)
      rspec-mocks (~> 3.7.0)
    rspec-core (3.7.1)
      rspec-support (~> 3.7.0)
    rspec-expectations (3.7.0)
      diff-lcs (>= 1.2.0, < 2.0)
      rspec-support (~> 3.7.0)
    rspec-mocks (3.7.0)
      diff-lcs (>= 1.2.0, < 2.0)
      rspec-support (~> 3.7.0)
    rspec-support (3.7.1)
    safe_yaml (1.0.4)
    shoulda-matchers (3.1.2)
      activesupport (>= 4.0.0)
    thread_safe (0.3.6)
    tzinfo (1.2.5)
      thread_safe (~> 0.1)
    webmock (2.3.2)
      addressable (>= 2.3.6)
      crack (>= 0.3.2)
      hashdiff

PLATFORMS
  ruby

DEPENDENCIES
  money_mover!
  rack-test (~> 0.6)
  rake (~> 11.2)
  rspec (~> 3.5)
  shoulda-matchers (~> 3.1)
  webmock (~> 2.1)

BUNDLED WITH
   1.16.1
